PATH
  remote: .
  specs:
    similarity (0.1.0)

GEM
  remote: http://rubygems.org/
  specs:
    faker (0.9.5)
      i18n (~> 0.4)
    i18n (0.6.0)
    rake (0.8.7)
    ruby-graphviz (1.0.0)

PLATFORMS
  ruby

DEPENDENCIES
  faker
  rake
  ruby-graphviz
  similarity!
